PATH
  remote: ..
  specs:
    singleton-client (0.2.1)
      concurrent-ruby
      faraday
      faraday_middleware
      i18n
      logging
      multi_json
      request_store
      twitter_cldr

GEM
  remote: https://rubygems.org/
  specs:
    byebug (11.1.3)
    camertron-eprun (1.1.1)
    cldr-plurals-runtime-rb (1.1.0)
    coderay (1.1.3)
    concurrent-ruby (1.1.10)
    faraday (1.10.2)
      faraday-em_http (~> 1.0)
      faraday-em_synchrony (~> 1.0)
      faraday-excon (~> 1.1)
      faraday-httpclient (~> 1.0)
      faraday-multipart (~> 1.0)
      faraday-net_http (~> 1.0)
      faraday-net_http_persistent (~> 1.0)
      faraday-patron (~> 1.0)
      faraday-rack (~> 1.0)
      faraday-retry (~> 1.0)
      ruby2_keywords (>= 0.0.4)
    faraday-em_http (1.0.0)
    faraday-em_synchrony (1.0.0)
    faraday-excon (1.1.0)
    faraday-httpclient (1.0.1)
    faraday-multipart (1.0.4)
      multipart-post (~> 2)
    faraday-net_http (1.0.1)
    faraday-net_http_persistent (1.2.0)
    faraday-patron (1.0.0)
    faraday-rack (1.0.0)
    faraday-retry (1.0.3)
    faraday_middleware (1.2.0)
      faraday (~> 1.0)
    haml (5.2.2)
      temple (>= 0.8.0)
      tilt
    i18n (1.12.0)
      concurrent-ruby (~> 1.0)
    little-plugger (1.1.4)
    logging (2.3.1)
      little-plugger (~> 1.1)
      multi_json (~> 1.14)
    method_source (1.0.0)
    multi_json (1.15.0)
    multipart-post (2.2.3)
    mustermann (3.0.0)
      ruby2_keywords (~> 0.0.1)
    pry (0.14.2)
      coderay (~> 1.1)
      method_source (~> 1.0)
    pry-byebug (3.10.1)
      byebug (~> 11.0)
      pry (>= 0.13, < 0.15)
    pry-inline (1.0.7)
      pry (> 0.10.0)
      unicode (~> 0.4.4)
    rack (2.2.6.2)
    rack-protection (3.0.5)
      rack
    request_store (1.5.1)
      rack (>= 1.4)
    ruby2_keywords (0.0.5)
    sinatra (3.0.5)
      mustermann (~> 3.0)
      rack (~> 2.2, >= 2.2.4)
      rack-protection (= 3.0.5)
      tilt (~> 2.0)
    temple (0.9.1)
    tilt (2.0.11)
    twitter_cldr (6.11.4)
      camertron-eprun
      cldr-plurals-runtime-rb (~> 1.1)
      tzinfo
    tzinfo (2.0.5)
      concurrent-ruby (~> 1.0)
    unicode (0.4.4.4)

PLATFORMS
  x86_64-darwin-21
  x86_64-linux

DEPENDENCIES
  coderay
  haml (~> 5.2.2)
  multi_json
  pry-byebug
  pry-inline
  sinatra
  singleton-client!
  tzinfo-data

BUNDLED WITH
   2.4.4
